GEM
  remote: https://rubygems.org/
  specs:
    diff-lcs (1.3)
    rspec (3.5.0)
      rspec-core (~> 3.5.0)
      rspec-expectations (~> 3.5.0)
      rspec-mocks (~> 3.5.0)
    rspec-core (3.5.4)
      rspec-support (~> 3.5.0)
    rspec-expectations (3.5.0)
      diff-lcs (>= 1.2.0, < 2.0)
      rspec-support (~> 3.5.0)
    rspec-mocks (3.5.0)
      diff-lcs (>= 1.2.0, < 2.0)
      rspec-support (~> 3.5.0)
    rspec-support (3.5.0)
    ruby-oci8 (2.2.3)
    ruby-plsql (0.6.0)

PLATFORMS
  ruby

DEPENDENCIES
  rspec
  ruby-oci8
  ruby-plsql

RUBY VERSION
   ruby 2.2.6p396

BUNDLED WITH
   1.14.0
